PATH
  remote: .
  specs:
    flickr_collager (0.0.1)
      minitest (= 5.9.0)
      rake (>= 12.3.3)

GEM
  remote: https://rubygems.org/
  specs:
    minitest (5.9.0)
    rake (13.0.1)

PLATFORMS
  ruby

DEPENDENCIES
  flickr_collager!

BUNDLED WITH
   2.1.4
